GEM
  remote: https://rubygems.org/
  specs:
    bourbon (3.1.8)
      sass (>= 3.2.0)
      thor
    rb-fsevent (0.9.3)
    sass (3.2.12)
    thor (0.18.1)

PLATFORMS
  ruby

DEPENDENCIES
  bourbon
  rb-fsevent
  sass
